GEM
  remote: https://rubygems.org/
  specs:
    addressable (2.3.6)
    backports (3.8.0)
    json (1.8.6)
    mime-types (3.1)
      mime-types-data (~> 3.2015)
    mime-types-data (3.2016.0521)
    multi_json (1.12.1)
    mustermann (1.0.1)
    rack (2.0.3)
    rack-protection (2.0.0)
      rack
    rest-client (1.6.7)
      mime-types (>= 1.16)
    sinatra (2.0.0)
      mustermann (~> 1.0)
      rack (~> 2.0)
      rack-protection (= 2.0.0)
      tilt (~> 2.0)
    sinatra-contrib (2.0.0)
      backports (>= 2.0)
      multi_json
      mustermann (~> 1.0)
      rack-protection (= 2.0.0)
      sinatra (= 2.0.0)
      tilt (>= 1.3, < 3)
    tilt (2.0.8)
    unirest (1.1.2)
      addressable (~> 2.3.5)
      json (~> 1.8.1)
      rest-client (~> 1.6.7)

PLATFORMS
  ruby

DEPENDENCIES
  sinatra
  sinatra-contrib
  unirest

RUBY VERSION
   ruby 2.5.1p57

BUNDLED WITH
   1.17.3
